GEM
  remote: https://rubygems.org/
  specs:
    coderay (1.1.3)
    method_source (1.0.0)
    pry (0.14.0)
      coderay (~> 1.1)
      method_source (~> 1.0)
    ruby-protocol-buffers (1.6.1)

PLATFORMS
  ruby

DEPENDENCIES
  pry
  ruby-protocol-buffers

BUNDLED WITH
   2.1.4
